GEM
  remote: https://rubygems.org/
  specs:
    multi_json (1.3.6)
    rake (0.9.2.2)
    simplecov (0.6.4)
      multi_json (~> 1.0)
      simplecov-html (~> 0.5.3)
    simplecov-html (0.5.3)
    test-unit (2.5.2)

PLATFORMS
  ruby

DEPENDENCIES
  rake
  simplecov
  test-unit
